PATH
  remote: .
  specs:
    thrift-faraday_transport (1.0.0)
      faraday (~> 0.9.0)
      thrift (>= 0.9, < 0.12)

GEM
  remote: https://rubygems.org/
  specs:
    ast (2.3.0)
    diff-lcs (1.3)
    faraday (0.9.2)
      multipart-post (>= 1.2, < 3)
    multipart-post (2.1.1)
    parallel (1.12.1)
    parser (2.4.0.2)
      ast (~> 2.3)
    powerpack (0.1.1)
    rainbow (3.0.0)
    rake (13.0.1)
    rspec (3.7.0)
      rspec-core (~> 3.7.0)
      rspec-expectations (~> 3.7.0)
      rspec-mocks (~> 3.7.0)
    rspec-core (3.7.0)
      rspec-support (~> 3.7.0)
    rspec-expectations (3.7.0)
      diff-lcs (>= 1.2.0, < 2.0)
      rspec-support (~> 3.7.0)
    rspec-mocks (3.7.0)
      diff-lcs (>= 1.2.0, < 2.0)
      rspec-support (~> 3.7.0)
    rspec-support (3.7.0)
    rubocop (0.52.0)
      parallel (~> 1.10)
      parser (>= 2.4.0.2, < 3.0)
      powerpack (~> 0.1)
      rainbow (>= 2.2.2, < 4.0)
      ruby-progressbar (~> 1.7)
      unicode-display_width (~> 1.0, >= 1.0.1)
    rubocop-rspec (1.21.0)
      rubocop (>= 0.52.0)
    ruby-progressbar (1.9.0)
    thrift (0.11.0.0)
    unicode-display_width (1.3.0)
    yard (0.9.20)

PLATFORMS
  ruby

DEPENDENCIES
  bundler (> 1.16)
  rake (~> 13.0)
  rspec (~> 3.0)
  rubocop (~> 0.52.0)
  rubocop-rspec (~> 1.21.0)
  thrift-faraday_transport!
  yard (~> 0.9.11)

BUNDLED WITH
   1.17.3
